{
	"Modality": "MR",
	"MagneticFieldStrength": 3,
	"Manufacturer": "Philips",
	"ManufacturersModelName": "Ingenia",
	"InstitutionName": "Tierspital_Zuerich",
	"InstitutionalDepartmentName": "Radiologie",
	"DeviceSerialNumber": "42085",
	"StationName": "MRPHILIPS",
	"BodyPartExamined": "BRAIN",
	"PatientPosition": "HFS",
	"ProcedureStepDescription": "Hirn",
	"SoftwareVersions": "5.4.1_5.4.1.1",
	"MRAcquisitionType": "2D",
	"SeriesDescription": "FE_EPI_32chSHC",
	"ProtocolName": "FE_EPI_32chSHC",
	"ScanningSequence": "GR",
	"SequenceVariant": "SK",
	"ScanOptions": "FS",
	"ImageType": ["ORIGINAL", "PRIMARY", "M", "FFE", "M", "FFE"],
	"SeriesNumber": 801,
	"AcquisitionTime": "12:12:23.840000",
	"AcquisitionNumber": 8,
	"PhilipsRWVSlope": 0.878388,
	"PhilipsRWVIntercept": 0,
	"PhilipsRescaleSlope": 0.878388,
	"PhilipsRescaleIntercept": 0,
	"PhilipsScaleSlope": 0.0819837,
	"UsePhilipsFloatNotDisplayScaling": 1,
	"SliceThickness": 3,
	"SpacingBetweenSlices": 3,
	"SAR": 0.128358,
	"EchoTime": 0.03,
	"RepetitionTime": 2,
	"FlipAngle": 90,
	"PercentPhaseFOV": 105.263,
	"EchoTrainLength": 19,
	"PhaseEncodingSteps": 80,
	"AcquisitionMatrixPE": 80,
	"ReconMatrixPE": 160,
	"PixelBandwidth": 2249,
	"PhaseEncodingAxis": "j",
	"ImageOrientationPatientDICOM": [
		0.999417,
		-0.017895,
		0.0290669,
		0.01315,
		0.987681,
		0.155925	],
	"InPlanePhaseEncodingDirectionDICOM": "COL",
	"ConversionSoftware": "dcm2niix",
	"ConversionSoftwareVersion": "v1.0.20180622 Clang9.1.0",
	"TaskName": "resting"
}
