{
	"Modality": "MR",
	"MagneticFieldStrength": 3,
	"Manufacturer": "Philips",
	"ManufacturersModelName": "Ingenia",
	"InstitutionName": "Tierspital_Zuerich",
	"InstitutionalDepartmentName": "Radiologie",
	"DeviceSerialNumber": "42085",
	"StationName": "MRPHILIPS",
	"BodyPartExamined": "BRAIN",
	"PatientPosition": "HFS",
	"SoftwareVersions": "5.3.0_5.3.0.3",
	"MRAcquisitionType": "2D",
	"SeriesDescription": "FE_EPI_32chSHC",
	"ProtocolName": "FE_EPI_32chSHC",
	"ScanningSequence": "GR",
	"SequenceVariant": "SK",
	"ScanOptions": "FS",
	"ImageType": ["ORIGINAL", "PRIMARY", "M", "FFE", "M", "FFE"],
	"SeriesNumber": 1501,
	"AcquisitionTime": "08:51:47.180000",
	"AcquisitionNumber": 15,
	"PhilipsRescaleSlope": 0.814408,
	"PhilipsRescaleIntercept": 0,
	"PhilipsScaleSlope": 0.099463,
	"UsePhilipsFloatNotDisplayScaling": 1,
	"SliceThickness": 3,
	"SpacingBetweenSlices": 3,
	"SAR": 1.02204,
	"EchoTime": 0.03,
	"RepetitionTime": 2,
	"FlipAngle": 90,
	"PercentPhaseFOV": 105.263,
	"EchoTrainLength": 19,
	"PhaseEncodingSteps": 80,
	"AcquisitionMatrixPE": 80,
	"ReconMatrixPE": 160,
	"PixelBandwidth": 2276,
	"PhaseEncodingAxis": "j",
	"ImageOrientationPatientDICOM": [
		0.999476,
		0.0165568,
		0.0278008,
		-0.0212294,
		0.983939,
		0.177238	],
	"InPlanePhaseEncodingDirectionDICOM": "COL",
	"ConversionSoftware": "dcm2niix",
	"ConversionSoftwareVersion": "v1.0.20180622 Clang9.1.0",
	"TaskName": "resting"
}
