{
	"Modality": "MR",
	"MagneticFieldStrength": 3,
	"Manufacturer": "Philips",
	"ManufacturersModelName": "Ingenia",
	"InstitutionName": "Tierspital_Zuerich",
	"InstitutionalDepartmentName": "Radiologie",
	"DeviceSerialNumber": "42085",
	"StationName": "MRPHILIPS",
	"BodyPartExamined": "BRAIN",
	"PatientPosition": "HFS",
	"ProcedureStepDescription": "Hirn",
	"SoftwareVersions": "5.3.0_5.3.0.3",
	"MRAcquisitionType": "2D",
	"SeriesDescription": "FE_EPI_32chSHC",
	"ProtocolName": "FE_EPI_32chSHC",
	"ScanningSequence": "GR",
	"SequenceVariant": "SK",
	"ScanOptions": "FS",
	"ImageType": ["ORIGINAL", "PRIMARY", "M", "FFE", "M", "FFE"],
	"SeriesNumber": 1101,
	"AcquisitionTime": "15:32:40.650000",
	"AcquisitionNumber": 11,
	"PhilipsRescaleSlope": 0.822466,
	"PhilipsRescaleIntercept": 0,
	"PhilipsScaleSlope": 0.0954054,
	"UsePhilipsFloatNotDisplayScaling": 1,
	"SliceThickness": 3,
	"SpacingBetweenSlices": 3,
	"SAR": 1.02266,
	"EchoTime": 0.03,
	"RepetitionTime": 2,
	"FlipAngle": 90,
	"PercentPhaseFOV": 105.263,
	"EchoTrainLength": 19,
	"PhaseEncodingSteps": 80,
	"AcquisitionMatrixPE": 80,
	"ReconMatrixPE": 160,
	"PixelBandwidth": 2275,
	"PhaseEncodingAxis": "j",
	"ImageOrientationPatientDICOM": [
		0.999554,
		-0.0297751,
		0.00213227,
		0.0290931,
		0.987675,
		0.153794	],
	"InPlanePhaseEncodingDirectionDICOM": "COL",
	"ConversionSoftware": "dcm2niix",
	"ConversionSoftwareVersion": "v1.0.20180622 Clang9.1.0",
	"TaskName": "resting"
}
