{
	"Modality": "MR",
	"MagneticFieldStrength": 3,
	"Manufacturer": "Philips",
	"ManufacturersModelName": "Ingenia",
	"InstitutionName": "Tierspital_Zuerich",
	"InstitutionalDepartmentName": "Radiologie",
	"DeviceSerialNumber": "42085",
	"StationName": "MRPHILIPS",
	"BodyPartExamined": "BRAIN",
	"PatientPosition": "HFS",
	"ProcedureStepDescription": "Hirn",
	"SoftwareVersions": "5.3.0_5.3.0.3",
	"MRAcquisitionType": "2D",
	"SeriesDescription": "FE_EPI_32chSHC",
	"ProtocolName": "WIP_FE_EPI_32chSHC",
	"ScanningSequence": "GR",
	"SequenceVariant": "SK",
	"ScanOptions": "FS",
	"ImageType": ["ORIGINAL", "PRIMARY", "M", "FFE", "M", "FFE"],
	"SeriesNumber": 901,
	"AcquisitionTime": "14:56:57.270000",
	"AcquisitionNumber": 9,
	"PhilipsRescaleSlope": 0.864225,
	"PhilipsRescaleIntercept": 0,
	"PhilipsScaleSlope": 0.086776,
	"UsePhilipsFloatNotDisplayScaling": 1,
	"SliceThickness": 3,
	"SpacingBetweenSlices": 3,
	"SAR": 0.113147,
	"EchoTime": 0.03,
	"RepetitionTime": 2,
	"FlipAngle": 90,
	"PercentPhaseFOV": 105.263,
	"EchoTrainLength": 19,
	"PhaseEncodingSteps": 80,
	"AcquisitionMatrixPE": 80,
	"ReconMatrixPE": 160,
	"PixelBandwidth": 2276,
	"PhaseEncodingAxis": "j",
	"ImageOrientationPatientDICOM": [
		0.999757,
		0.0156231,
		-0.0155484,
		-0.0196239,
		0.952108,
		-0.305131	],
	"InPlanePhaseEncodingDirectionDICOM": "COL",
	"ConversionSoftware": "dcm2niix",
	"ConversionSoftwareVersion": "v1.0.20180622 Clang9.1.0",
	"TaskName": "resting"
}
